GIT
  remote: https://github.com/DSalko/dmarc_parser.git
  revision: 1f0e3d7ce2d23b0cca656d4ee440cef25f23277e
  specs:
    dmarc_parser (0.2.0)
      nokogiri

GEM
  remote: https://rubygems.org/
  specs:
    nokogiri (1.16.0-x86_64-linux)
      racc (~> 1.4)
    racc (1.7.3)

PLATFORMS
  x86_64-linux

DEPENDENCIES
  dmarc_parser!

BUNDLED WITH
   2.4.21
